GEM
  remote: http://rubygems.org/
  specs:
    activesupport (3.0.1)
    addressable (2.2.2)
    archive-tar-minitar (0.5.2)
    awesome_print (0.3.1)
    backports (1.18.2)
    bson (1.1.2)
    capistrano (2.5.19)
      highline
      net-scp (>= 1.0.0)
      net-sftp (>= 2.0.0)
      net-ssh (>= 2.0.14)
      net-ssh-gateway (>= 1.0.0)
    capistrano_colors (0.5.2)
    columnize (0.3.2)
    compass (0.10.6)
      haml (>= 3.0.4)
    daemons (1.1.0)
    diff-lcs (1.1.2)
    em-websocket (0.1.4)
      addressable (>= 2.1.1)
      eventmachine (>= 0.12.9)
    eventmachine (0.12.10)
    haml (3.0.23)
    highline (1.6.1)
    jasmine (1.0.1)
      json_pure (>= 1.4.3)
      rack (>= 1.0.0)
      rake (>= 0.8.7)
      rspec (>= 1.1.5)
      selenium-client (>= 1.2.17)
      selenium-rc (>= 2.1.0)
    json_pure (1.4.6)
    linecache19 (0.5.11)
      ruby_core_source (>= 0.1.4)
    mocha (0.9.10)
      rake
    mongo (1.1.2)
      bson (>= 1.1.1)
    monkey-lib (0.5.4)
      backports
    net-scp (1.0.4)
      net-ssh (>= 1.99.1)
    net-sftp (2.0.5)
      net-ssh (>= 2.0.9)
    net-ssh (2.0.23)
    net-ssh-gateway (1.0.1)
      net-ssh (>= 1.99.1)
    rack (1.1.0)
    rake (0.8.7)
    require_all (1.2.0)
    rspec (2.0.1)
      rspec-core (~> 2.0.1)
      rspec-expectations (~> 2.0.1)
      rspec-mocks (~> 2.0.1)
    rspec-core (2.0.1)
    rspec-expectations (2.0.1)
      diff-lcs (>= 1.1.2)
    rspec-mocks (2.0.1)
      rspec-core (~> 2.0.1)
      rspec-expectations (~> 2.0.1)
    ruby-debug-base19 (0.11.24)
      columnize (>= 0.3.1)
      linecache19 (>= 0.5.11)
      ruby_core_source (>= 0.1.4)
    ruby-debug19 (0.11.6)
      columnize (>= 0.3.1)
      linecache19 (>= 0.5.11)
      ruby-debug-base19 (>= 0.11.19)
    ruby_core_source (0.1.4)
      archive-tar-minitar (>= 0.5.2)
    sass (3.1.0.alpha.34)
    selenium-client (1.2.18)
    selenium-rc (2.2.4)
      selenium-client (>= 1.2.18)
    shoulda (2.11.3)
    sinatra (1.1.0)
      rack (~> 1.1)
      tilt (~> 1.1)
    sinatra-advanced-routes (0.5.1)
      monkey-lib (~> 0.5.0)
      sinatra (~> 1.0)
      sinatra-sugar (~> 0.5.0)
    sinatra-reloader (0.5.0)
      sinatra (~> 1.0)
      sinatra-advanced-routes (~> 0.5.0)
    sinatra-sugar (0.5.0)
      monkey-lib (~> 0.5.0)
      sinatra (~> 1.0)
    thin (1.2.7)
      daemons (>= 1.0.9)
      eventmachine (>= 0.12.6)
      rack (>= 1.0.0)
    tilt (1.1)

PLATFORMS
  ruby

DEPENDENCIES
  activesupport
  awesome_print
  capistrano
  capistrano_colors
  compass
  em-websocket
  haml
  jasmine
  mocha
  mongo
  require_all
  ruby-debug19
  sass
  shoulda
  sinatra
  sinatra-reloader
  thin
