GIT
  remote: git://github.com/rails/sass-rails.git
  revision: 3a9e47db7d769221157c82229fc1bade55b580f0
  specs:
    sass-rails (4.0.1)
      railties (>= 4.0.0, < 5.0)
      sass (~> 3.2)
      sprockets (~> 2.12)
      sprockets-rails (~> 2.0)

GEM
  remote: https://rubygems.org/
  specs:
    actionmailer (4.1.0)
      actionpack (= 4.1.0)
      actionview (= 4.1.0)
      mail (~> 2.5.4)
    actionpack (4.1.0)
      actionview (= 4.1.0)
      activesupport (= 4.1.0)
      rack (~> 1.5.2)
      rack-test (~> 0.6.2)
    actionview (4.1.0)
      activesupport (= 4.1.0)
      builder (~> 3.1)
      erubis (~> 2.7.0)
    active_model_serializers (0.8.1)
      activemodel (>= 3.0)
    activemodel (4.1.0)
      activesupport (= 4.1.0)
      builder (~> 3.1)
    activerecord (4.1.0)
      activemodel (= 4.1.0)
      activesupport (= 4.1.0)
      arel (~> 5.0.0)
    activesupport (4.1.0)
      i18n (~> 0.6, >= 0.6.9)
      json (~> 1.7, >= 1.7.7)
      minitest (~> 5.1)
      thread_safe (~> 0.1)
      tzinfo (~> 1.1)
    ansi (1.4.3)
    arel (5.0.1.20140414130214)
    barber (0.4.2)
      ember-source
      execjs
      handlebars-source
    bcrypt (3.1.7)
    builder (3.2.2)
    chunky_png (1.3.1)
    coderay (1.1.0)
    coffee-rails (4.0.1)
      coffee-script (>= 2.2.0)
      railties (>= 4.0.0, < 5.0)
    coffee-script (2.2.0)
      coffee-script-source
      execjs
    coffee-script-source (1.7.0)
    compass (1.0.0.alpha.19)
      chunky_png (~> 1.2)
      compass-core (~> 1.0.0.alpha.19)
      compass-import-once (~> 1.0.3)
      json
      listen (~> 1.1.0)
      sass (>= 3.3.0, < 3.5)
    compass-core (1.0.0.alpha.19)
      multi_json (~> 1.0)
      sass (>= 3.3.0, < 3.5)
    compass-import-once (1.0.4)
      sass (>= 3.2, < 3.5)
    devise (3.2.4)
      bcrypt (~> 3.0)
      orm_adapter (~> 0.1)
      railties (>= 3.2.6, < 5)
      thread_safe (~> 0.1)
      warden (~> 1.2.3)
    em-websocket (0.5.1)
      eventmachine (>= 0.12.9)
      http_parser.rb (~> 0.6.0)
    ember-data-source (1.0.0.beta.7)
      ember-source
    ember-rails (0.15.0)
      active_model_serializers
      barber (>= 0.4.1)
      ember-data-source (>= 1.0.0.beta.5)
      ember-source (>= 1.1.0)
      execjs (>= 1.2)
      handlebars-source (> 1.0.0)
      jquery-rails (>= 1.0.17)
      railties (>= 3.1)
    ember-source (1.5.0)
      handlebars-source (~> 1.0)
    erubis (2.7.0)
    eventmachine (1.0.3)
    execjs (2.0.2)
    faye-websocket (0.7.0)
      eventmachine (>= 0.12.0)
      websocket-driver (>= 0.3.0)
    ffi (1.9.3)
    foreigner (1.6.1)
      activerecord (>= 3.0.0)
    formatador (0.2.5)
    formtastic (2.2.1)
      actionpack (>= 3.0)
    guard (1.8.2)
      formatador (>= 0.2.4)
      listen (>= 1.0.0)
      lumberjack (>= 1.0.2)
      pry (>= 0.9.10)
      thor (>= 0.14.6)
    guard-livereload (1.4.0)
      em-websocket (>= 0.5.0)
      guard (>= 1.8.0)
      multi_json (~> 1.7)
    haml (4.0.5)
      tilt
    handlebars-source (1.3.0)
    hike (1.2.3)
    http_parser.rb (0.6.0)
    i18n (0.6.9)
    jbuilder (2.0.7)
      activesupport (>= 3.0.0, < 5)
      multi_json (~> 1.2)
    jquery-rails (3.1.0)
      railties (>= 3.0, < 5.0)
      thor (>= 0.14, < 2.0)
    jquery-ui-rails (4.0.3)
      jquery-rails
      railties (>= 3.1.0)
    json (1.8.1)
    listen (1.1.6)
      rb-fsevent (>= 0.9.3)
      rb-inotify (>= 0.9)
      rb-kqueue (>= 0.2)
    lumberjack (1.0.9)
    mail (2.5.4)
      mime-types (~> 1.16)
      treetop (~> 1.4.8)
    method_source (0.8.2)
    mime-types (1.25.1)
    minitest (5.3.3)
    minitest-reporters (1.0.4)
      ansi
      builder
      minitest (>= 5.0)
      ruby-progressbar
    multi_json (1.10.0)
    orm_adapter (0.5.0)
    pg (0.17.1)
    polyglot (0.3.4)
    pry (0.9.12.6)
      coderay (~> 1.0)
      method_source (~> 0.8)
      slop (~> 3.4)
    puma (2.6.0)
      rack (>= 1.1, < 2.0)
    rack (1.5.2)
    rack-test (0.6.2)
      rack (>= 1.0)
    rails (4.1.0)
      actionmailer (= 4.1.0)
      actionpack (= 4.1.0)
      actionview (= 4.1.0)
      activemodel (= 4.1.0)
      activerecord (= 4.1.0)
      activesupport (= 4.1.0)
      bundler (>= 1.3.0, < 2.0)
      railties (= 4.1.0)
      sprockets-rails (~> 2.0)
    rails_12factor (0.0.2)
      rails_serve_static_assets
      rails_stdout_logging
    rails_serve_static_assets (0.0.2)
    rails_stdout_logging (0.0.3)
    railties (4.1.0)
      actionpack (= 4.1.0)
      activesupport (= 4.1.0)
      rake (>= 0.8.7)
      thor (>= 0.18.1, < 2.0)
    rake (10.3.1)
    rb-fsevent (0.9.4)
    rb-inotify (0.9.4)
      ffi (>= 0.5.0)
    rb-kqueue (0.2.2)
      ffi (>= 0.5.0)
    rdoc (4.1.1)
      json (~> 1.4)
    ruby-progressbar (1.5.1)
    sass (3.3.7)
    sdoc (0.4.0)
      json (~> 1.8)
      rdoc (~> 4.0, < 5.0)
    slop (3.5.0)
    spring (1.1.3)
    sprockets (2.12.1)
      hike (~> 1.2)
      multi_json (~> 1.0)
      rack (~> 1.0)
      tilt (~> 1.1, != 1.3.0)
    sprockets-rails (2.1.3)
      actionpack (>= 3.0)
      activesupport (>= 3.0)
      sprockets (~> 2.8)
    susy (2.1.2)
      sass (~> 3.3.0)
    thor (0.19.1)
    thread_safe (0.3.3)
    tilt (1.4.1)
    treetop (1.4.15)
      polyglot
      polyglot (>= 0.3.1)
    turbolinks (2.2.2)
      coffee-rails
    tzinfo (1.1.0)
      thread_safe (~> 0.1)
    uglifier (2.5.0)
      execjs (>= 0.3.0)
      json (>= 1.8.0)
    warden (1.2.3)
      rack (>= 1.0)
    websocket-driver (0.3.0)

PLATFORMS
  ruby

DEPENDENCIES
  active_model_serializers
  coffee-rails (~> 4.0.0)
  compass (~> 1.0.0.alpha.19)
  devise (~> 3.2.4)
  ember-rails
  ember-source (= 1.5.0)
  faye-websocket
  foreigner
  formtastic
  guard-livereload
  haml
  jbuilder (~> 2.0)
  jquery-rails
  jquery-ui-rails
  minitest-reporters
  pg
  pry
  puma
  rails (= 4.1.0)
  rails_12factor
  sass (~> 3.3.0)
  sass-rails!
  sdoc (~> 0.4.0)
  spring
  susy
  turbolinks
  uglifier (>= 1.3.0)
