GEM
  remote: http://rubygems.org/
  specs:
    activesupport (3.0.1)
    addressable (2.2.2)
    awesome_print (0.3.1)
    capistrano (2.5.19)
      highline
      net-scp (>= 1.0.0)
      net-sftp (>= 2.0.0)
      net-ssh (>= 2.0.14)
      net-ssh-gateway (>= 1.0.0)
    capistrano_colors (0.5.2)
    columnize (0.3.2)
    daemons (1.1.0)
    diff-lcs (1.1.2)
    em-websocket (0.1.4)
      addressable (>= 2.1.1)
      eventmachine (>= 0.12.9)
    eventmachine (0.12.10)
    haml (3.0.23)
    highline (1.6.1)
    jasmine (1.0.1)
      json_pure (>= 1.4.3)
      rack (>= 1.0.0)
      rake (>= 0.8.7)
      rspec (>= 1.1.5)
      selenium-client (>= 1.2.17)
      selenium-rc (>= 2.1.0)
    json_pure (1.4.6)
    linecache (0.43)
    net-scp (1.0.4)
      net-ssh (>= 1.99.1)
    net-sftp (2.0.5)
      net-ssh (>= 2.0.9)
    net-ssh (2.0.23)
    net-ssh-gateway (1.0.1)
      net-ssh (>= 1.99.1)
    rack (1.1.0)
    rake (0.8.7)
    redis (2.1.1)
    rspec (2.0.1)
      rspec-core (~> 2.0.1)
      rspec-expectations (~> 2.0.1)
      rspec-mocks (~> 2.0.1)
    rspec-core (2.0.1)
    rspec-expectations (2.0.1)
      diff-lcs (>= 1.1.2)
    rspec-mocks (2.0.1)
      rspec-core (~> 2.0.1)
      rspec-expectations (~> 2.0.1)
    ruby-debug (0.10.4)
      columnize (>= 0.1)
      ruby-debug-base (~> 0.10.4.0)
    ruby-debug-base (0.10.4)
      linecache (>= 0.3)
    sass (3.1.0.alpha.34)
    selenium-client (1.2.18)
    selenium-rc (2.2.4)
      selenium-client (>= 1.2.18)
    shoulda (2.11.3)
    sinatra (1.1.0)
      rack (~> 1.1)
      tilt (~> 1.1)
    thin (1.2.7)
      daemons (>= 1.0.9)
      eventmachine (>= 0.12.6)
      rack (>= 1.0.0)
    tilt (1.1)

PLATFORMS
  ruby

DEPENDENCIES
  activesupport
  awesome_print
  capistrano
  capistrano_colors
  em-websocket
  haml
  jasmine
  redis
  ruby-debug
  sass
  shoulda
  sinatra
  thin
