GIT
  remote: https://github.com/mongoid/mongoid.git
  revision: 8c66b2fdddf1cc13de3519c87a73e2b930341ed6
  specs:
    mongoid (2.3.0)
      activemodel (~> 3.1)
      mongo (~> 1.4)
      tzinfo (~> 0.3.22)

GEM
  remote: http://rubygems.org/
  specs:
    ZenTest (4.6.2)
    activemodel (3.1.0)
      activesupport (= 3.1.0)
      bcrypt-ruby (~> 3.0.0)
      builder (~> 3.0.0)
      i18n (~> 0.6)
    activesupport (3.1.0)
      multi_json (~> 1.0)
    addressable (2.2.6)
    archive-tar-minitar (0.5.2)
    autotest (4.4.6)
      ZenTest (>= 4.4.1)
    autotest-growl (0.2.11)
    awesome_print (0.4.0)
    bcrypt-ruby (3.0.1)
    bson (1.4.0)
    bson_ext (1.4.0)
    builder (3.0.0)
    capistrano (2.9.0)
      highline
      net-scp (>= 1.0.0)
      net-sftp (>= 2.0.0)
      net-ssh (>= 2.0.14)
      net-ssh-gateway (>= 1.1.0)
    capistrano_colors (0.5.5)
    capybara (1.1.1)
      mime-types (>= 1.16)
      nokogiri (>= 1.3.3)
      rack (>= 1.0.0)
      rack-test (>= 0.5.4)
      selenium-webdriver (~> 2.0)
      xpath (~> 0.1.4)
    capybara-webkit (0.7.1)
      capybara (>= 1.0.0, < 1.2)
    childprocess (0.2.2)
      ffi (~> 1.0.6)
    coderay (0.9.8)
    columnize (0.3.4)
    em-synchrony (0.2.0)
      eventmachine (>= 0.12.9)
    em-websocket (0.3.1)
      addressable (>= 2.1.1)
      eventmachine (>= 0.12.9)
    eventmachine (0.12.10)
    ffi (1.0.9)
    guard (0.8.3)
      thor (~> 0.14.6)
    guard-livereload (0.3.1)
      em-websocket (>= 0.2.0)
      guard (>= 0.4.0)
      multi_json (~> 1.0.3)
    highline (1.6.2)
    i18n (0.6.0)
    json_pure (1.6.1)
    linecache19 (0.5.12)
      ruby_core_source (>= 0.1.4)
    metaclass (0.0.1)
    method_source (0.6.6)
      ruby_parser (~> 2.0.5)
    mime-types (1.16)
    mocha (0.10.0)
      metaclass (~> 0.0.1)
    mongo (1.4.0)
      bson (= 1.4.0)
    multi_json (1.0.3)
    net-scp (1.0.4)
      net-ssh (>= 1.99.1)
    net-sftp (2.0.5)
      net-ssh (>= 2.0.9)
    net-ssh (2.2.1)
    net-ssh-gateway (1.1.0)
      net-ssh (>= 1.99.1)
    nokogiri (1.5.0)
    pry (0.9.6.2)
      coderay (~> 0.9.8)
      method_source (~> 0.6.5)
      ruby_parser (~> 2.0.5)
      slop (~> 2.1.0)
    pry-doc (0.3.0)
      pry (>= 0.9.0)
      yard (>= 0.6.4)
    rack (1.3.4)
    rack-test (0.6.1)
      rack (>= 1.0)
    railsless-deploy (1.0.2)
    require_all (1.2.0)
    ruby-debug-base19 (0.11.25)
      columnize (>= 0.3.1)
      linecache19 (>= 0.5.11)
      ruby_core_source (>= 0.1.4)
    ruby-debug19 (0.11.6)
      columnize (>= 0.3.1)
      linecache19 (>= 0.5.11)
      ruby-debug-base19 (>= 0.11.19)
    ruby_core_source (0.1.5)
      archive-tar-minitar (>= 0.5.2)
    ruby_parser (2.0.6)
      sexp_processor (~> 3.0)
    rubyzip (0.9.4)
    selenium-webdriver (2.7.0)
      childprocess (>= 0.2.1)
      ffi (>= 1.0.7)
      json_pure
      rubyzip
    sexp_processor (3.0.7)
    shotgun (0.9)
      rack (>= 1.0)
    slop (2.1.0)
    test-unit (2.4.0)
    test-unit-capybara (1.0.0)
      capybara
      test-unit (>= 2.1.2)
    thor (0.14.6)
    tzinfo (0.3.30)
    xpath (0.1.4)
      nokogiri (~> 1.3)
    yard (0.7.2)

PLATFORMS
  ruby

DEPENDENCIES
  activesupport
  autotest
  autotest-growl
  awesome_print
  bson_ext (~> 1.4.0)
  capistrano
  capistrano_colors
  capybara
  capybara-webkit
  em-synchrony
  em-websocket
  guard-livereload
  mocha
  mongoid (>= 2.0.1)!
  pry
  pry-doc
  railsless-deploy
  require_all
  ruby-debug-base19
  ruby-debug19
  shotgun
  test-unit-capybara
